PATH
  remote: .
  specs:
    vagrant-shell (0.2.8)

GEM
  remote: https://rubygems.org/
  specs:

PLATFORMS
  ruby

DEPENDENCIES
  vagrant-shell!
